GEM
  remote: https://rubygems.org/
  specs:
    activesupport (7.0.4)
      concurrent-ruby (~> 1.0, >= 1.0.2)
      i18n (>= 1.6, < 2)
      minitest (>= 5.1)
      tzinfo (~> 2.0)
    addressable (2.3.8)
    aws-eventstream (1.0.3)
    aws-partitions (1.276.0)
    aws-sdk-core (3.90.1)
      aws-eventstream (~> 1.0, >= 1.0.2)
      aws-partitions (~> 1, >= 1.239.0)
      aws-sigv4 (~> 1.1)
      jmespath (~> 1.0)
    aws-sdk-kms (1.29.0)
      aws-sdk-core (~> 3, >= 3.71.0)
      aws-sigv4 (~> 1.1)
    aws-sdk-s3 (1.60.2)
      aws-sdk-core (~> 3, >= 3.83.0)
      aws-sdk-kms (~> 1)
      aws-sigv4 (~> 1.1)
    aws-sigv4 (1.1.0)
      aws-eventstream (~> 1.0, >= 1.0.2)
    cert (1.4.4)
      fastlane_core (>= 0.55.0, < 1.0.0)
      spaceship (>= 0.37.0, < 1.0.0)
    colored (1.2)
    commander (4.6.0)
      highline (~> 2.0.0)
    concurrent-ruby (1.1.10)
    credentials_manager (0.16.4)
      colored
      commander (>= 4.3.5)
      highline (>= 1.7.1)
      security
    deliver (1.16.0)
      credentials_manager (>= 0.16.2, < 1.0.0)
      fastimage (~> 1.6)
      fastlane_core (>= 0.57.1, < 1.0.0)
      plist (>= 3.1.0, < 4.0.0)
      spaceship (>= 0.38.1, < 1.0.0)
    domain_name (0.5.20190701)
      unf (>= 0.0.5, < 1.0.0)
    dotenv (2.7.5)
    excon (0.93.0)
    faraday (0.17.5)
      multipart-post (>= 1.2, < 3)
    faraday-cookie_jar (0.0.7)
      faraday (>= 0.8.0)
      http-cookie (~> 1.0.0)
    faraday_middleware (0.14.0)
      faraday (>= 0.7.4, < 1.0)
    fastimage (1.6.8)
      addressable (~> 2.3, >= 2.3.5)
    fastlane (1.33.6)
      addressable (~> 2.3.8)
      cert (>= 1.0.0, < 2.0.0)
      credentials_manager (>= 0.9.1, < 1.0.0)
      deliver (>= 1.3.2, < 2.0.0)
      fastlane_core (>= 0.25.1, < 1.0.0)
      frameit (>= 2.2.1, < 3.0.0)
      gym (>= 1.0.0, < 2.0.0)
      krausefx-shenzhen (>= 0.14.5)
      nokogiri (~> 1.6)
      pbxplorer (~> 1.0.0)
      pem (>= 1.0.0, < 2.0.0)
      pilot (>= 1.0.0, < 2.0.0)
      plist (~> 3.1.0)
      produce (>= 1.0.0, < 2.0.0)
      rest-client (~> 1.8.0)
      sigh (>= 1.0.0, < 2.0.0)
      slack-notifier (~> 1.3)
      snapshot (>= 0.10.2, < 1.0.0)
      spaceship (>= 0.12.1, < 1.0.0)
      terminal-notifier (~> 1.6.2)
      terminal-table (~> 1.4.5)
      xcodeproj (>= 0.20, < 1.0.0)
      xcpretty (>= 0.1.11)
    fastlane_core (0.59.0)
      colored
      commander (>= 4.4.0, <= 5.0.0)
      credentials_manager (>= 0.16.2, < 1.0.0)
      excon (>= 0.45.0, < 1.0)
      gh_inspector (>= 1.0.1, < 2.0.0)
      highline (>= 1.7.2)
      json
      multi_json
      plist (>= 3.1.0, < 4.0.0)
      rubyzip (~> 1.1.6)
      terminal-table (>= 1.4.5, < 2.0.0)
    frameit (2.8.0)
      deliver (> 0.3)
      fastimage (~> 1.6.3)
      fastlane_core (>= 0.52.1, < 1.0.0)
      mini_magick (~> 4.5.1)
    gh_inspector (1.1.3)
    gym (1.12.1)
      fastlane_core (>= 0.57.0, < 1.0.0)
      plist (>= 3.1.0, < 4.0.0)
      rubyzip (>= 1.1.7)
      terminal-table (>= 1.4.5, < 2.0.0)
      xcpretty (>= 0.2.4, < 1.0.0)
    highline (2.0.3)
    http-cookie (1.0.3)
      domain_name (~> 0.5)
    i18n (1.12.0)
      concurrent-ruby (~> 1.0)
    jmespath (1.4.0)
    json (1.8.6)
    krausefx-shenzhen (0.14.11)
      commander (>= 4.3, < 5.0)
      dotenv (>= 0.7)
      faraday (~> 0.9)
      faraday_middleware (~> 0.9)
      highline (>= 1.7.2)
      json (~> 1.8)
      net-sftp (~> 2.1.2)
      plist (>= 3.1.0, < 4.0.0)
      rubyzip (~> 1.1)
      security (~> 0.1.3)
      terminal-table (~> 1.4.5)
    mime-types (2.99.3)
    mini_magick (4.5.1)
    mini_portile2 (2.8.0)
    minitest (5.16.3)
    multi_json (1.14.1)
    multi_xml (0.6.0)
    multipart-post (2.0.0)
    net-sftp (2.1.2)
      net-ssh (>= 2.6.5)
    net-ssh (7.0.1)
    netrc (0.11.0)
    nokogiri (1.13.9)
      mini_portile2 (~> 2.8.0)
      racc (~> 1.4)
    pbxplorer (1.0.0)
    pem (1.4.0)
      fastlane_core (>= 0.53.0, < 1.0.0)
      spaceship (>= 0.36.2, < 1.0.0)
    pilot (1.12.1)
      credentials_manager (>= 0.16.0)
      fastlane_core (>= 0.56.0, < 1.0.0)
      spaceship (>= 0.37.0, < 1.0.0)
      terminal-table (>= 1.4.5, < 2.0.0)
    plist (3.1.0)
    produce (1.3.1)
      fastlane_core (>= 0.57.1, < 1.0.0)
      spaceship (>= 0.38.0, < 1.0.0)
    racc (1.6.0)
    rest-client (1.8.0)
      http-cookie (>= 1.0.2, < 2.0)
      mime-types (>= 1.16, < 3.0)
      netrc (~> 0.7)
    rouge (2.0.7)
    rubyzip (1.1.7)
    security (0.1.3)
    sigh (1.12.0)
      fastlane_core (>= 0.57.1, < 1.0.0)
      plist (>= 3.1.0, < 4.0.0)
      spaceship (>= 0.38.1, < 1.0.0)
    slack-notifier (1.5.1)
    snapshot (0.10.2)
      fastimage (~> 1.6.3)
      fastlane_core (>= 0.16.1, < 1.0.0)
    spaceship (0.38.3)
      colored
      credentials_manager (>= 0.16.0)
      faraday (~> 0.9)
      faraday-cookie_jar (~> 0.0.6)
      faraday_middleware (~> 0.9)
      fastimage (~> 1.6)
      multi_xml (~> 0.5)
      plist (>= 3.1.0, < 4.0.0)
    terminal-notifier (1.6.3)
    terminal-table (1.4.5)
    tzinfo (2.0.5)
      concurrent-ruby (~> 1.0)
    unf (0.1.4)
      unf_ext
    unf_ext (0.0.7.6)
    xcodeproj (0.25.1)
      activesupport (>= 3)
      colored (~> 1.2)
    xcpretty (0.3.0)
      rouge (~> 2.0.7)

PLATFORMS
  ruby

DEPENDENCIES
  aws-sdk-s3
  fastlane
  nokogiri

BUNDLED WITH
   2.0.2
